GEM
  remote: https://rubygems.org/
  specs:
    addressable (2.7.0)
      public_suffix (>= 2.0.2, < 5.0)
    ansi (1.5.0)
    builder (3.2.2)
    byebug (8.2.2)
    capybara (3.29.0)
      addressable
      mini_mime (>= 0.1.3)
      nokogiri (~> 1.8)
      rack (>= 1.6.0)
      rack-test (>= 0.6.3)
      regexp_parser (~> 1.5)
      xpath (~> 3.2)
    chunky_png (1.3.5)
    coderay (1.1.1)
    coveralls (0.8.13)
      json (~> 1.8)
      simplecov (~> 0.11.0)
      term-ansicolor (~> 1.3)
      thor (~> 0.19.1)
      tins (~> 1.6.0)
    docile (1.1.5)
    dotenv (2.7.5)
    ffi (1.9.10)
    formatador (0.2.5)
    guard (2.13.0)
      formatador (>= 0.2.4)
      listen (>= 2.7, <= 4.0)
      lumberjack (~> 1.0)
      nenv (~> 0.1)
      notiffany (~> 0.0)
      pry (>= 0.9.12)
      shellany (~> 0.0)
      thor (>= 0.18.1)
    guard-compat (1.2.1)
    guard-minitest (2.4.4)
      guard-compat (~> 1.2)
      minitest (>= 3.0)
    haml (4.0.7)
      tilt
    hanami (0.7.2)
      bundler (~> 1.6)
      dotenv (~> 2.0)
      hanami-assets (~> 0.2)
      hanami-controller (~> 0.6)
      hanami-helpers (~> 0.3)
      hanami-mailer (~> 0.2)
      hanami-router (~> 0.6)
      hanami-utils (~> 0.7)
      hanami-view (~> 0.6)
      shotgun (~> 0.9)
      thor (~> 0.19)
    hanami-assets (0.4.0)
      hanami-helpers (~> 0.5)
      hanami-utils (~> 0.9)
      tilt (~> 2.0, >= 2.0.2)
    hanami-controller (0.8.1)
      hanami-utils (~> 0.9)
      rack (~> 1.6, >= 1.6.2)
    hanami-helpers (0.5.1)
      hanami-utils (~> 0.9)
    hanami-mailer (0.4.0)
      hanami-utils (~> 0.9)
      mail (~> 2.5)
      tilt (~> 2.0, >= 2.0.1)
    hanami-model (0.6.1)
      hanami-utils (~> 0.7)
      sequel (~> 4.9)
    hanami-router (0.8.1)
      hanami-utils (~> 0.9, >= 0.9.1)
      http_router (~> 0.11)
      rack (~> 1.6)
    hanami-utils (0.9.2)
    hanami-view (0.8.0)
      hanami-utils (~> 0.9)
      tilt (~> 2.0, >= 2.0.1)
    http_router (0.11.2)
      rack (>= 1.0.0)
      url_mount (~> 0.2.1)
    json (1.8.3)
    launchy (2.4.3)
      addressable (~> 2.3)
    listen (3.0.6)
      rb-fsevent (>= 0.9.3)
      rb-inotify (>= 0.9.7)
    lumberjack (1.0.10)
    mail (2.7.1)
      mini_mime (>= 0.1.1)
    metaclass (0.0.4)
    method_source (0.8.2)
    mini_mime (1.0.2)
    mini_portile2 (2.4.0)
    minitest (5.8.4)
    minitest-reporters (1.1.8)
      ansi
      builder
      minitest (>= 5.0)
      ruby-progressbar
    mocha (1.1.0)
      metaclass (~> 0.0.1)
    nenv (0.3.0)
    nokogiri (1.10.7)
      mini_portile2 (~> 2.4.0)
    notiffany (0.0.8)
      nenv (~> 0.1)
      shellany (~> 0.0)
    pry (0.10.3)
      coderay (~> 1.1.0)
      method_source (~> 0.8.1)
      slop (~> 3.4)
    public_suffix (4.0.1)
    rack (1.6.12)
    rack-test (1.1.0)
      rack (>= 1.0, < 3)
    rake (11.1.2)
    rb-fsevent (0.9.7)
    rb-inotify (0.9.7)
      ffi (>= 0.5.0)
    regexp_parser (1.6.0)
    rqrcode (0.10.1)
      chunky_png (~> 1.0)
    ruby-progressbar (1.7.5)
    sass (3.4.22)
    sequel (4.33.0)
    shellany (0.0.1)
    shotgun (0.9.2)
      rack (>= 1.0)
    simplecov (0.11.2)
      docile (~> 1.1.0)
      json (~> 1.8)
      simplecov-html (~> 0.10.0)
    simplecov-html (0.10.0)
    slop (3.6.0)
    sqlite3 (1.3.11)
    term-ansicolor (1.3.2)
      tins (~> 1.0)
    thor (0.19.4)
    tilt (2.0.10)
    tins (1.6.0)
    url_mount (0.2.1)
      rack
    xpath (3.2.0)
      nokogiri (~> 1.8)

PLATFORMS
  ruby

DEPENDENCIES
  bundler
  byebug
  capybara (>= 2.6.2)
  coveralls
  guard
  guard-minitest
  haml
  hanami (= 0.7.2)
  hanami-model (~> 0.5)
  launchy
  minitest
  minitest-reporters
  mocha
  rake
  rqrcode
  sass
  sqlite3

BUNDLED WITH
   1.17.3
